GEM
  remote: https://rubygems.org/
  specs:
    byebug (11.0.1)
    mustermann (1.0.3)
    rack (2.0.7)
    rack-protection (2.0.5)
      rack
    require_all (2.0.0)
    sinatra (2.0.5)
      mustermann (~> 1.0)
      rack (~> 2.0)
      rack-protection (= 2.0.5)
      tilt (~> 2.0)
    slim (4.0.1)
      temple (>= 0.7.6, < 0.9)
      tilt (>= 2.0.6, < 2.1)
    temple (0.8.1)
    tilt (2.0.9)

PLATFORMS
  ruby

DEPENDENCIES
  byebug
  require_all
  sinatra
  slim

RUBY VERSION
   ruby 2.6.0p0

BUNDLED WITH
   2.0.1
